GEM
  remote: https://rubygems.org/
  specs:
    net-sftp (2.1.2)
      net-ssh (>= 2.6.5)
    net-ssh (3.0.1)

PLATFORMS
  ruby

DEPENDENCIES
  net-sftp

BUNDLED WITH
   1.10.6
