GEM
  remote: https://rubygems.org/
  specs:
    net-ssh (3.0.1)

PLATFORMS
  ruby

DEPENDENCIES
  net-ssh

BUNDLED WITH
   1.10.6
