GEM
  remote: https://rubygems.org/
  specs:
    needle (1.3.0)
    net-ssh (0.9.0)
      needle (>= 1.2.0)

PLATFORMS
  ruby

DEPENDENCIES
  net-ssh (= 0.9)

BUNDLED WITH
   1.10.6
